PATH
  remote: .
  specs:
    stickshift-node (0.10.2)
      json
      parseconfig
      stickshift-common

GEM
  remote: http://rubygems.org/
  specs:
    activemodel (3.2.3)
      activesupport (= 3.2.3)
      builder (~> 3.0.0)
    activesupport (3.2.3)
      i18n (~> 0.6)
      multi_json (~> 1.0)
    bson (1.6.2)
    builder (3.0.0)
    i18n (0.6.0)
    json (1.7.0)
    mocha (0.9.8)
      rake
    mongo (1.6.2)
      bson (~> 1.6.2)
    multi_json (1.3.4)
    parseconfig (0.5.2)
    rake (0.8.7)
    rspec (1.3.0)
    stickshift-common (0.9.1)
      activemodel
      json
      mongo

PLATFORMS
  ruby

DEPENDENCIES
  mocha (= 0.9.8)
  rake (>= 0.8.7)
  rspec
  stickshift-node!
