PATH
  remote: .
  specs:
    stickshift-node (0.13.6)
      activemodel
      stickshift-common
      highline
      json
      parseconfig
      state_machine

GEM
  remote: http://rubygems.org/
  specs:
    activemodel (3.0.13)
      activesupport
      builder
      i18n
    activesupport (3.0.13)
    builder (2.1.2)
    stickshift-common (0.12.4)
      activemodel
      json
    diff-lcs (1.1.3)
    highline (1.5.1)
    i18n (0.5.0)
    json (1.4.6)
    mocha (0.9.8)
      rake
    parseconfig (0.5.2)
    rake (0.8.7)
    rcov (1.0.0)
    rspec (1.3.0)
    state_machine (1.1.2)

PLATFORMS
  ruby

DEPENDENCIES
  stickshift-node!
  mocha
  rake
  rspec
  rcov
