PATH
  remote: .
  specs:
    stickshift-common (0.9.1)
      activemodel
      json
      mongo

GEM
  remote: http://rubygems.org/
  specs:
    activemodel (3.2.3)
      activesupport (= 3.2.3)
      builder (~> 3.0.0)
    activesupport (3.2.3)
      i18n (~> 0.6)
      multi_json (~> 1.0)
    bson (1.6.2)
    builder (3.0.0)
    i18n (0.6.0)
    json (1.7.0)
    mongo (1.6.2)
      bson (~> 1.6.2)
    multi_json (1.3.4)
    rake (0.9.2.2)

PLATFORMS
  ruby

DEPENDENCIES
  rake
  stickshift-common!
