PATH
  remote: .
  specs:
    stickshift-common (0.6.1)
      activemodel
      json
      mongo

GEM
  remote: http://rubygems.org/
  specs:
    activemodel (3.0.13)
      activesupport (= 3.0.13)
      builder (~> 2.1.2)
      i18n (~> 0.5.0)
    activesupport (3.0.13)
    bson (1.5.2)
    builder (2.1.2)
    i18n (0.5.0)
    json (1.4.6)
    mongo (1.5.2)
      bson (= 1.5.2)
    rcov (1.0.0)

PLATFORMS
  ruby

DEPENDENCIES
  stickshift-common!
  rcov

