PATH
  remote: .
  specs:
    stickshift-common (0.9.1)
      activemodel
      activesupport (~> 3.0.10)
      json
      mongo

GEM
  remote: http://rubygems.org/
  specs:
    activemodel (3.0.12)
      activesupport (= 3.0.12)
      builder (~> 2.1.2)
      i18n (~> 0.5.0)
    activesupport (3.0.12)
    bson (1.6.2)
    builder (2.1.2)
    i18n (0.5.0)
    json (1.7.0)
    mongo (1.6.2)
      bson (~> 1.6.2)
    rake (0.9.2.2)

PLATFORMS
  ruby

DEPENDENCIES
  rake
  stickshift-common!
