GEM
  remote: http://rubygems.org/
  specs:
    abstract (1.0.0)
    actionmailer (3.0.10)
      actionpack
      mail
    actionpack (3.0.10)
      activemodel
      activesupport
      builder
      erubis
      i18n
      rack
      rack-mount
      rack-test
      regin
      tzinfo
    activemodel (3.0.10)
      activesupport
      builder
      i18n
    activerecord (3.0.10)
      activemodel
      activesupport
      arel
      tzinfo
    activeresource (3.0.10)
      activemodel
      activesupport
    activesupport (3.0.10)
    arel (2.0.9)
    bson (1.5.2)
    builder (2.1.2)
    stickshift-common (0.10.2)
      activemodel
      json
      mongo
      rack
    stickshift-controller (0.11.4)
      activesupport
      stickshift-common
      dnsruby
      json
      open4
      state_machine
    stickshift-node (0.11.3)
      activemodel
      stickshift-common
      highline
      json
      parseconfig
      state_machine
    dnsruby (1.53)
    erubis (2.6.6)
      abstract
    highline (1.5.1)
    i18n (0.5.0)
    json (1.4.6)
    mail (2.3.0)
      activesupport
      i18n
      mime-types
      treetop
    mime-types (1.16)
    mocha (0.9.8)
    mongo (1.5.2)
      bson
    open4 (1.3.0)
    parseconfig (0.5.2)
    polyglot (0.2.5)
    rack (1.3.0)
    rack-mount (0.7.1)
      rack
    rack-test (0.6.1)
      rack
    rails (3.0.10)
      actionmailer
      actionpack
      activerecord
      activeresource
      activesupport
      bundler
      railties
    railties (3.0.10)
      actionpack
      activesupport
      rake
      rdoc
      thor
    rake (0.8.7)
    rcov (1.0.0)
    rdoc (3.7)
    regin (0.3.7)
    state_machine (1.1.2)
    thor (0.14.6)
    treetop (1.4.10)
      polyglot
    tzinfo (0.3.26)
    xml-simple (1.0.12)

PLATFORMS
  ruby

DEPENDENCIES
  stickshift-controller
  stickshift-node
  json
  mocha
  mongo
  open4
  parseconfig
  rack
  rails (~> 3.0.10)
  rcov
  regin
  xml-simple
